GEM
  remote: https://rubygems.org/
  specs:
    erubis (2.7.0)
    json (1.8.1)
    rake (10.4.2)

PLATFORMS
  ruby

DEPENDENCIES
  erubis
  json
  rake
